GEM
  remote: https://rubygems.org/
  specs:
    activesupport (7.2.1.1)
      base64
      bigdecimal
      concurrent-ruby (~> 1.0, >= 1.3.1)
      connection_pool (>= 2.2.5)
      drb
      i18n (>= 1.6, < 2)
      logger (>= 1.4.2)
      minitest (>= 5.1)
      securerandom (>= 0.3)
      tzinfo (~> 2.0, >= 2.0.5)
    addressable (2.8.0)
      public_suffix (>= 2.0.2, < 5.0)
    base64 (0.2.0)
    bigdecimal (3.1.8)
    colorator (1.1.0)
    concurrent-ruby (1.3.4)
    connection_pool (2.4.1)
    drb (2.2.1)
    em-websocket (0.5.3)
      eventmachine (>= 0.12.9)
      http_parser.rb (~> 0)
    eventmachine (1.2.7)
    extras (0.3.0)
      forwardable-extended (~> 2.5)
    ffi (1.15.5)
    forwardable-extended (2.6.0)
    http_parser.rb (0.8.0)
    i18n (1.14.6)
      concurrent-ruby (~> 1.0)
    jekyll (4.2.2)
      addressable (~> 2.4)
      colorator (~> 1.0)
      em-websocket (~> 0.5)
      i18n (~> 1.0)
      jekyll-sass-converter (~> 2.0)
      jekyll-watch (~> 2.0)
      kramdown (~> 2.3)
      kramdown-parser-gfm (~> 1.0)
      liquid (~> 4.0)
      mercenary (~> 0.4.0)
      pathutil (~> 0.9)
      rouge (~> 3.0)
      safe_yaml (~> 1.0)
      terminal-table (~> 2.0)
    jekyll-sass-converter (2.2.0)
      sassc (> 2.0.1, < 3.0)
    jekyll-toc (0.17.1)
      jekyll (>= 3.9)
      nokogiri (~> 1.11)
    jekyll-watch (2.2.1)
      listen (~> 3.0)
    kramdown (2.3.2)
      rexml
    kramdown-parser-gfm (1.1.0)
      kramdown (~> 2.0)
    liquid (4.0.3)
    liquid-tag-parser (2.0.2)
      extras (~> 0.3)
      liquid (>= 3.0, < 5.0)
    listen (3.7.1)
      rb-fsevent (~> 0.10, >= 0.10.3)
      rb-inotify (~> 0.9, >= 0.9.10)
    logger (1.6.1)
    mercenary (0.4.0)
    mini_portile2 (2.8.0)
    minitest (5.25.1)
    nokogiri (1.13.6)
      mini_portile2 (~> 2.8.0)
      racc (~> 1.4)
    nokogiri (1.13.6-aarch64-linux)
      racc (~> 1.4)
    nokogiri (1.13.6-x86_64-linux)
      racc (~> 1.4)
    pathutil (0.16.2)
      forwardable-extended (~> 2.6)
    public_suffix (4.0.7)
    racc (1.6.0)
    rb-fsevent (0.11.1)
    rb-inotify (0.10.1)
      ffi (~> 1.0)
    rexml (3.2.5)
    rouge (3.28.0)
    safe_yaml (1.0.5)
    sassc (2.4.0)
      ffi (~> 1.9)
    securerandom (0.3.1)
    terminal-table (2.0.0)
      unicode-display_width (~> 1.1, >= 1.1.1)
    tzinfo (2.0.6)
      concurrent-ruby (~> 1.0)
    unicode-display_width (1.8.0)
    webrick (1.7.0)

PLATFORMS
  aarch64-linux
  ruby
  x86_64-linux

DEPENDENCIES
  activesupport (~> 7.2.1)
  jekyll (= 4.2.2)
  jekyll-toc (~> 0.17.1)
  liquid-tag-parser (~> 2.0.2)
  webrick

BUNDLED WITH
   2.3.12
